GEM
  remote: https://rubygems.org/
  specs:
    minitest (5.11.3)
    rack (2.0.6)

PLATFORMS
  ruby

DEPENDENCIES
  minitest
  rack

BUNDLED WITH
   1.16.2
