PATH
  remote: .
  specs:
    rack-server-timing (0.1.0)
      rack (>= 2.0, < 3.0)

GEM
  remote: https://rubygems.org/
  specs:
    minitest (5.11.3)
    rack (2.0.6)
    rake (12.3.2)
    roda (3.13.0)
      rack
    sequel (5.14.0)
    tilt (2.0.9)

PLATFORMS
  ruby

DEPENDENCIES
  minitest
  rack-server-timing!
  rake
  roda
  sequel
  tilt

BUNDLED WITH
   1.17.2
